GEM
  remote: http://rubygems.org/
  specs:
    Ascii85 (1.0.1)
    backports (2.3.0)
    capybara (1.1.2)
      mime-types (>= 1.16)
      nokogiri (>= 1.3.3)
      rack (>= 1.0.0)
      rack-test (>= 0.5.4)
      selenium-webdriver (~> 2.0)
      xpath (~> 0.1.4)
    capybara-webkit (0.10.0)
      capybara (>= 1.0.0, < 1.2)
      json
    childprocess (0.3.1)
      ffi (~> 1.0.6)
    daemons (1.1.8)
    eventmachine (0.12.10)
    ffi (1.0.11)
    foreman (0.57.0)
      thor (>= 0.13.6)
    haml (3.1.4)
    headless (0.2.2)
    json (1.6.5)
    mime-types (1.17.2)
    mini_magick (3.4)
      subexec (~> 0.2.1)
    multi_json (1.1.0)
    nokogiri (1.5.0)
    pdf-reader (1.0.0)
      Ascii85 (~> 1.0.0)
      ruby-rc4
    prawn (0.12.0)
      pdf-reader (>= 0.9.0)
      ttfunk (~> 1.0.2)
    rack (1.4.1)
    rack-protection (1.2.0)
      rack
    rack-test (0.6.1)
      rack (>= 1.0)
    ruby-rc4 (0.1.5)
    rubyzip (0.9.6.1)
    sass (3.1.15)
    selenium-webdriver (2.20.0)
      childprocess (>= 0.2.5)
      ffi (~> 1.0)
      multi_json (~> 1.0)
      rubyzip
    sinatra (1.3.2)
      rack (~> 1.3, >= 1.3.6)
      rack-protection (~> 1.2)
      tilt (~> 1.3, >= 1.3.3)
    sinatra-contrib (1.3.1)
      backports (>= 2.0)
      eventmachine
      rack-protection
      rack-test
      sinatra (~> 1.3.0)
      tilt (~> 1.3)
    subexec (0.2.1)
    thin (1.3.1)
      daemons (>= 1.0.9)
      eventmachine (>= 0.12.6)
      rack (>= 1.0.0)
    thor (0.16.0)
    tilt (1.3.3)
    ttfunk (1.0.3)
    xpath (0.1.4)
      nokogiri (~> 1.3)

PLATFORMS
  ruby

DEPENDENCIES
  capybara
  capybara-webkit
  foreman
  haml
  headless
  json
  mini_magick
  prawn
  sass
  sinatra
  sinatra-contrib
  thin
